GEM
  remote: https://rubygems.org/
  specs:
    aws-keychain-util (0.0.12)
      aws-sdk-v1
      highline
      ruby-keychain (~> 0.2.0)
    aws-sdk-v1 (1.66.0)
      json (~> 1.4)
      nokogiri (>= 1.4.4)
    coderay (1.1.1)
    corefoundation (0.2.0)
      ffi
    ffi (1.9.17)
    highline (1.7.8)
    json (1.8.6)
    method_source (0.8.2)
    mini_portile2 (2.1.0)
    neatjson (0.8.2)
    nokogiri (1.7.0.1)
      mini_portile2 (~> 2.1.0)
    pry (0.10.4)
      coderay (~> 1.1.0)
      method_source (~> 0.8.1)
      slop (~> 3.4)
    ruby-keychain (0.2.1)
      corefoundation (~> 0.2.0)
      ffi
    slop (3.6.0)
    thor (0.19.4)

PLATFORMS
  ruby

DEPENDENCIES
  aws-keychain-util
  neatjson
  pry
  thor

BUNDLED WITH
   1.14.3
